GEM
  remote: https://rubygems.org/
  specs:
    addressable (2.7.0)
      public_suffix (>= 2.0.2, < 5.0)
    coderay (1.1.3)
    down (5.1.1)
      addressable (~> 2.5)
    method_source (1.0.0)
    mini_portile2 (2.4.0)
    nokogiri (1.10.10)
      mini_portile2 (~> 2.4.0)
    pry (0.13.1)
      coderay (~> 1.1)
      method_source (~> 1.0)
    public_suffix (4.0.5)

PLATFORMS
  ruby

DEPENDENCIES
  down
  nokogiri
  pry

RUBY VERSION
   ruby 2.7.1p83

BUNDLED WITH
   2.1.4
